GEM
  remote: https://rubygems.org/
  specs:
    bourbon (3.1.8)
      sass (>= 3.2.0)
      thor
    coffee-script (2.2.0)
      coffee-script-source
      execjs
    coffee-script-source (1.7.0)
    daemons (1.1.9)
    eventmachine (1.0.3)
    execjs (2.0.2)
    hike (1.2.3)
    json (1.8.1)
    multi_json (1.8.4)
    neat (1.5.0)
      bourbon (>= 2.1)
      sass (>= 3.2)
    rack (1.5.2)
    rack-protection (1.5.2)
      rack
    sass (3.2.14)
    sinatra (1.4.4)
      rack (~> 1.4)
      rack-protection (~> 1.4)
      tilt (~> 1.3, >= 1.3.4)
    sprockets (2.10.1)
      hike (~> 1.2)
      multi_json (~> 1.0)
      rack (~> 1.0)
      tilt (~> 1.1, != 1.3.0)
    thin (1.6.1)
      daemons (>= 1.0.9)
      eventmachine (>= 1.0.0)
      rack (>= 1.0.0)
    thor (0.18.1)
    tilt (1.4.1)
    uglifier (2.4.0)
      execjs (>= 0.3.0)
      json (>= 1.8.0)
    yui-compressor (0.12.0)

PLATFORMS
  ruby

DEPENDENCIES
  bourbon
  coffee-script
  json
  neat
  sass
  sinatra
  sprockets
  thin
  uglifier
  yui-compressor
